GEM
  remote: https://rubygems.org/
  specs:
    aws-eventstream (1.2.0)
    aws-partitions (1.787.0)
    aws-sdk-core (3.178.0)
      aws-eventstream (~> 1, >= 1.0.2)
      aws-partitions (~> 1, >= 1.651.0)
      aws-sigv4 (~> 1.5)
      jmespath (~> 1, >= 1.6.1)
    aws-sdk-lambda (1.103.0)
      aws-sdk-core (~> 3, >= 3.177.0)
      aws-sigv4 (~> 1.1)
    aws-sigv4 (1.6.0)
      aws-eventstream (~> 1, >= 1.0.2)
    aws_lambda_ric (2.0.0)
    io-console (0.6.0)
    jmespath (1.6.2)
    stringio (3.0.7)

PLATFORMS
  ruby

DEPENDENCIES
  aws-sdk-lambda
  aws_lambda_ric (~> 2.0)
  io-console (~> 0.6.0)
  stringio (~> 3.0)

BUNDLED WITH
   2.4.17
